GEM
  remote: https://rubygems.org/
  specs:
    json (2.1.0)
    liquid (3.0.1)

PLATFORMS
  ruby

DEPENDENCIES
  json
  liquid

BUNDLED WITH
   1.15.4
